PATH
  remote: .
  specs:
    sinatra-respond_to (0.4.0)
      sinatra (~> 1.0)

GEM
  remote: http://rubygems.org/
  specs:
    builder (2.1.2)
    diff-lcs (1.1.2)
    haml (3.0.17)
    rack (1.2.1)
    rack-test (0.5.4)
      rack (>= 1.0)
    rcov (0.9.8)
    rspec (2.0.0.beta.19)
      rspec-core (= 2.0.0.beta.19)
      rspec-expectations (= 2.0.0.beta.19)
      rspec-mocks (= 2.0.0.beta.19)
    rspec-core (2.0.0.beta.19)
    rspec-expectations (2.0.0.beta.19)
      diff-lcs (>= 1.1.2)
    rspec-mocks (2.0.0.beta.19)
    sinatra (1.0)
      rack (>= 1.0)

PLATFORMS
  ruby

DEPENDENCIES
  builder (>= 2.0)
  bundler (~> 1.0.0.rc.5)
  haml (>= 2.0)
  rack-test (~> 0.5.4)
  rcov (~> 0.9.8)
  rspec (~> 2.0.0.beta.19)
  sinatra (~> 1.0)
  sinatra-respond_to!
